PATH
  remote: .
  specs:
    getresponse (0.6)
      json (~> 2.1)
      json_pure (~> 2.1)

GEM
  remote: http://rubygems.org/
  specs:
    json (2.1.0)
    json_pure (2.1.0)
    minitest (5.11.3)
    minitest-line (0.6.5)
      minitest (~> 5.0)
    rake (10.5.0)
    rdoc (6.0.4)
    rr (1.2.1)

PLATFORMS
  ruby
  x86_64-linux

DEPENDENCIES
  bundler (~> 1.7)
  getresponse!
  minitest-line
  rake (~> 10.0)
  rdoc
  rr

BUNDLED WITH
   1.16.2
